GEM
  remote: https://rubygems.org/
  specs:
    bencode (0.8.0)

PLATFORMS
  ruby

DEPENDENCIES
  bencode
